PATH
  remote: .
  specs:
    repo_dependency_graph (0.1.4)
      organization_audit

GEM
  remote: https://rubygems.org/
  specs:
    bump (0.5.0)
    diff-lcs (1.2.5)
    json (1.8.1)
    organization_audit (1.0.4)
      json
    rake (10.1.1)
    rspec (2.14.1)
      rspec-core (~> 2.14.0)
      rspec-expectations (~> 2.14.0)
      rspec-mocks (~> 2.14.0)
    rspec-core (2.14.7)
    rspec-expectations (2.14.5)
      diff-lcs (>= 1.1.3, < 2.0)
    rspec-mocks (2.14.5)
    ruby-graphviz (1.0.9)

PLATFORMS
  ruby

DEPENDENCIES
  bump
  rake
  repo_dependency_graph!
  rspec (~> 2)
  ruby-graphviz
