PATH
  remote: .
  specs:
    repo_dependency_graph (0.5.0)
      organization_audit

GEM
  remote: https://rubygems.org/
  specs:
    bump (0.7.0)
    byebug (10.0.2)
    diff-lcs (1.3)
    json (2.1.0)
    organization_audit (1.0.5)
      json
    rake (12.3.2)
    rspec (2.99.0)
      rspec-core (~> 2.99.0)
      rspec-expectations (~> 2.99.0)
      rspec-mocks (~> 2.99.0)
    rspec-core (2.99.2)
    rspec-expectations (2.99.2)
      diff-lcs (>= 1.1.3, < 2.0)
    rspec-mocks (2.99.4)
    ruby-graphviz (1.2.4)

PLATFORMS
  ruby

DEPENDENCIES
  bump
  byebug
  rake
  repo_dependency_graph!
  rspec (~> 2)
  ruby-graphviz

BUNDLED WITH
   1.16.1
